PATH
  remote: .
  specs:
    koko_keywords (0.0.1)
      ffi (~> 1.15)

GEM
  remote: https://rubygems.org/
  specs:
    diff-lcs (1.5.0)
    ffi (1.15.5)
    rake (13.0.6)
    rspec (3.11.0)
      rspec-core (~> 3.11.0)
      rspec-expectations (~> 3.11.0)
      rspec-mocks (~> 3.11.0)
    rspec-core (3.11.0)
      rspec-support (~> 3.11.0)
    rspec-expectations (3.11.0)
      diff-lcs (>= 1.2.0, < 2.0)
      rspec-support (~> 3.11.0)
    rspec-mocks (3.11.0)
      diff-lcs (>= 1.2.0, < 2.0)
      rspec-support (~> 3.11.0)
    rspec-support (3.11.0)

PLATFORMS
  arm64-darwin-21

DEPENDENCIES
  bundler
  koko_keywords!
  rake
  rspec

BUNDLED WITH
   2.3.9
