GEM
  remote: https://rubygems.org/
  specs:
    ffi (1.15.5)
    koko_keywords (0.3.2)
      ffi (~> 1.15)
    mustermann (3.0.0)
      ruby2_keywords (~> 0.0.1)
    nio4r (2.5.8)
    puma (6.1.1)
      nio4r (~> 2.0)
    rack (2.2.6.3)
    rack-protection (3.0.5)
      rack
    ruby2_keywords (0.0.5)
    sinatra (3.0.5)
      mustermann (~> 3.0)
      rack (~> 2.2, >= 2.2.4)
      rack-protection (= 3.0.5)
      tilt (~> 2.0)
    tilt (2.1.0)

PLATFORMS
  arm64-darwin-22
  x86_64-linux

DEPENDENCIES
  koko_keywords
  puma
  sinatra

BUNDLED WITH
   2.4.1
